PATH
  remote: .
  specs:
    ovirt-engine-sdk (4.0.0.alpha13)
      curb (~> 0.8)

GEM
  remote: http://rubygems.org/
  specs:
    curb (0.9.1)
    diff-lcs (1.2.5)
    rake (11.1.2)
    rake-compiler (0.9.7)
      rake
    rspec (3.4.0)
      rspec-core (~> 3.4.0)
      rspec-expectations (~> 3.4.0)
      rspec-mocks (~> 3.4.0)
    rspec-core (3.4.4)
      rspec-support (~> 3.4.0)
    rspec-expectations (3.4.0)
      diff-lcs (>= 1.2.0, < 2.0)
      rspec-support (~> 3.4.0)
    rspec-mocks (3.4.1)
      diff-lcs (>= 1.2.0, < 2.0)
      rspec-support (~> 3.4.0)
    rspec-support (3.4.1)
    yard (0.8.7.6)

PLATFORMS
  ruby

DEPENDENCIES
  ovirt-engine-sdk!
  rake-compiler (~> 0.9)
  rspec (~> 3.3)
  yard (~> 0.8)

BUNDLED WITH
   1.11.2
